GEM
  remote: https://rubygems.org/
  specs:
    artii (2.1.1)
    billboard_charts (0.2.0)
    colorize (0.7.7)
    mini_portile2 (2.0.0)
    nokogiri (1.6.7.2)
      mini_portile2 (~> 2.0.0.rc2)

PLATFORMS
  ruby

DEPENDENCIES
  artii (= 2.1.1)
  billboard_charts (= 0.2.0)
  colorize (= 0.7.7)
  nokogiri (= 1.6.7.2)

BUNDLED WITH
   1.11.2
